GEM
  remote: https://rubygems.org/
  specs:
    what_should_i_eat (0.1.0)

PLATFORMS
  x64-mingw32

DEPENDENCIES
  what_should_i_eat

BUNDLED WITH
   2.0.2
